GEM
  remote: https://rubygems.org/
  specs:
    mini_portile2 (2.0.0)
    nokogiri (1.6.7.2)
      mini_portile2 (~> 2.0.0.rc2)
    rack (1.6.4)
    rack-protection (1.5.3)
      rack
    rinku (1.7.3)
    shotgun (0.9.1)
      rack (>= 1.0)
    sinatra (1.4.7)
      rack (~> 1.5)
      rack-protection (~> 1.4)
      tilt (>= 1.3, < 3)
    tilt (2.0.2)
    unidecoder (1.1.2)

PLATFORMS
  ruby

DEPENDENCIES
  nokogiri
  rinku
  shotgun
  sinatra
  unidecoder

BUNDLED WITH
   1.11.2
